PATH
  remote: .
  specs:
    vcs_toolkit (0.0.1)
      diff-lcs

GEM
  remote: https://rubygems.org/
  specs:
    diff-lcs (1.2.5)
    fuubar (1.3.2)
      rspec (>= 2.14.0, < 3.1.0)
      ruby-progressbar (~> 1.3)
    rake (10.1.1)
    rspec (2.14.1)
      rspec-core (~> 2.14.0)
      rspec-expectations (~> 2.14.0)
      rspec-mocks (~> 2.14.0)
    rspec-core (2.14.7)
    rspec-expectations (2.14.4)
      diff-lcs (>= 1.1.3, < 2.0)
    rspec-mocks (2.14.4)
    ruby-progressbar (1.3.2)

PLATFORMS
  ruby

DEPENDENCIES
  fuubar
  rake
  rspec
  vcs_toolkit!
